{
	"Modality": "MR",
	"MagneticFieldStrength": 3,
	"ImagingFrequency": 123.19,
	"Manufacturer": "Siemens",
	"ManufacturersModelName": "Prisma",
	"InstitutionName": "Mind_Brain_Behaviour_Institute",
	"InstitutionAddress": "West_130th_Street_610_NY_NYC_US_10025",
	"DeviceSerialNumber": "166010",
	"StationName": "AWP166010",
	"BodyPartExamined": "BRAIN",
	"PatientPosition": "HFS",
	"ProcedureStepDescription": "Baldassano_PredNav",
	"SoftwareVersions": "syngo_MR_E11",
	"MRAcquisitionType": "2D",
	"SeriesDescription": "func_task-int_run-03_bold",
	"ProtocolName": "func_task-int_run-03_bold",
	"ScanningSequence": "EP",
	"SequenceVariant": "SK_OSP",
	"ScanOptions": "FS",
	"SequenceName": "_epfid2d1_77",
	"ImageType": ["ORIGINAL", "PRIMARY", "M", "ND", "NORM", "MOSAIC"],
	"SeriesNumber": 10,
	"AcquisitionTime": "15:57:57.970000",
	"AcquisitionNumber": 1,
	"SliceThickness": 2,
	"SpacingBetweenSlices": 2,
	"SAR": 0.0632621,
	"EchoTime": 0.03,
	"RepetitionTime": 1.5,
	"FlipAngle": 65,
	"PartialFourier": 1,
	"BaseResolution": 96,
	"ShimSetting": [
		2026,
		-852,
		3353,
		639,
		-207,
		69,
		-84,
		139	],
	"TxRefAmp": 233.696,
	"PhaseResolution": 0.8,
	"PhaseOversampling": 0.1,
	"ReceiveCoilName": "HeadNeck_64",
	"ReceiveCoilActiveElements": "HC1-7",
	"PulseSequenceDetails": "%SiemensSeq%_ep2d_bold",
	"RefLinesPE": 24,
	"ConsistencyInfo": "N4_VE11C_LATEST_20160120",
	"MultibandAccelerationFactor": 3,
	"PercentPhaseFOV": 100,
	"EchoTrainLength": 43,
	"PhaseEncodingSteps": 85,
	"AcquisitionMatrixPE": 77,
	"ReconMatrixPE": 96,
	"BandwidthPerPixelPhaseEncode": 26.144,
	"ParallelReductionFactorInPlane": 2,
	"EffectiveEchoSpacing": 0.000398434,
	"DerivedVendorReportedEchoSpacing": 0.000724426,
	"TotalReadoutTime": 0.0378513,
	"PixelBandwidth": 2170,
	"PhaseEncodingDirection": "i",
	"SliceTiming": [
		0,
		0.7725,
		0.065,
		0.835,
		0.1275,
		0.9,
		0.1925,
		0.965,
		0.2575,
		1.03,
		0.3225,
		1.0925,
		0.385,
		1.1575,
		0.45,
		1.2225,
		0.515,
		1.2875,
		0.58,
		1.35,
		0.6425,
		1.415,
		0.7075,
		0,
		0.7725,
		0.065,
		0.835,
		0.1275,
		0.9,
		0.1925,
		0.965,
		0.2575,
		1.03,
		0.3225,
		1.0925,
		0.385,
		1.1575,
		0.45,
		1.2225,
		0.515,
		1.2875,
		0.58,
		1.35,
		0.6425,
		1.415,
		0.7075,
		0,
		0.7725,
		0.065,
		0.835,
		0.1275,
		0.9,
		0.1925,
		0.965,
		0.2575,
		1.03,
		0.3225,
		1.0925,
		0.385,
		1.1575,
		0.45,
		1.2225,
		0.515,
		1.2875,
		0.58,
		1.35,
		0.6425,
		1.415,
		0.7075	],
	"ImageOrientationPatientDICOM": [
		1,
		0,
		0,
		0,
		0.899558,
		-0.436802	],
	"InPlanePhaseEncodingDirectionDICOM": "ROW",
	"ConversionSoftware": "dcm2niix",
	"ConversionSoftwareVersion": "v1.0.20190902"
}
