{
	"Modality": "MR",
	"MagneticFieldStrength": 3,
	"ImagingFrequency": 123.189,
	"Manufacturer": "Siemens",
	"ManufacturersModelName": "Prisma",
	"InstitutionName": "Mind_Brain_Behaviour_Institute",
	"InstitutionAddress": "West_130th_Street_610_NY_NYC_US_10025",
	"DeviceSerialNumber": "166010",
	"StationName": "AWP166010",
	"BodyPartExamined": "BRAIN",
	"PatientPosition": "HFS",
	"ProcedureStepDescription": "Baldassano_PredNav",
	"SoftwareVersions": "syngo_MR_E11",
	"MRAcquisitionType": "2D",
	"SeriesDescription": "func_task-int_run-01_bold",
	"ProtocolName": "func_task-int_run-01_bold",
	"ScanningSequence": "EP",
	"SequenceVariant": "SK_OSP",
	"ScanOptions": "FS",
	"SequenceName": "_epfid2d1_96",
	"ImageType": ["ORIGINAL", "PRIMARY", "M", "ND", "NORM", "MOSAIC"],
	"SeriesNumber": 9,
	"AcquisitionTime": "15:57:24.885000",
	"AcquisitionNumber": 1,
	"SliceThickness": 2,
	"SpacingBetweenSlices": 2,
	"SAR": 0.0540493,
	"EchoTime": 0.03,
	"RepetitionTime": 1.5,
	"FlipAngle": 65,
	"PartialFourier": 1,
	"BaseResolution": 96,
	"ShimSetting": [
		2039,
		-958,
		3348,
		601,
		-110,
		-437,
		-123,
		47	],
	"TxRefAmp": 219.816,
	"PhaseResolution": 1,
	"PhaseOversampling": 0.1,
	"ReceiveCoilName": "HeadNeck_64",
	"ReceiveCoilActiveElements": "HC1-7",
	"PulseSequenceDetails": "%SiemensSeq%_ep2d_bold",
	"RefLinesPE": 24,
	"ConsistencyInfo": "N4_VE11C_LATEST_20160120",
	"MultibandAccelerationFactor": 3,
	"PercentPhaseFOV": 100,
	"EchoTrainLength": 53,
	"PhaseEncodingSteps": 106,
	"AcquisitionMatrixPE": 96,
	"ReconMatrixPE": 96,
	"BandwidthPerPixelPhaseEncode": 33.102,
	"ParallelReductionFactorInPlane": 2,
	"EffectiveEchoSpacing": 0.000314684,
	"DerivedVendorReportedEchoSpacing": 0.000572153,
	"TotalReadoutTime": 0.029895,
	"PixelBandwidth": 2170,
	"PhaseEncodingDirection": "j",
	"SliceTiming": [
		0,
		0.7725,
		0.065,
		0.8375,
		0.13,
		0.9025,
		0.1925,
		0.965,
		0.2575,
		1.03,
		0.3225,
		1.095,
		0.3875,
		1.16,
		0.45,
		1.2225,
		0.515,
		1.2875,
		0.58,
		1.3525,
		0.645,
		1.415,
		0.7075,
		0,
		0.7725,
		0.065,
		0.8375,
		0.13,
		0.9025,
		0.1925,
		0.965,
		0.2575,
		1.03,
		0.3225,
		1.095,
		0.3875,
		1.16,
		0.45,
		1.2225,
		0.515,
		1.2875,
		0.58,
		1.3525,
		0.645,
		1.415,
		0.7075,
		0,
		0.7725,
		0.065,
		0.8375,
		0.13,
		0.9025,
		0.1925,
		0.965,
		0.2575,
		1.03,
		0.3225,
		1.095,
		0.3875,
		1.16,
		0.45,
		1.2225,
		0.515,
		1.2875,
		0.58,
		1.3525,
		0.645,
		1.415,
		0.7075	],
	"ImageOrientationPatientDICOM": [
		0.999328,
		0.0250496,
		-0.0267526,
		-0.0324528,
		0.943999,
		-0.328349	],
	"InPlanePhaseEncodingDirectionDICOM": "COL",
	"ConversionSoftware": "dcm2niix",
	"ConversionSoftwareVersion": "v1.0.20190902"
}
