{
  "Modality": "MR",
  "MagneticFieldStrength": 3,
  "ImagingFrequency": 123.191,
  "Manufacturer": "Siemens",
  "ManufacturersModelName": "Prisma",
  "InstitutionName": "Mind_Brain_Behaviour_Institute",
  "InstitutionAddress": "West_130th_Street_610_NY_NYC_US_10025",
  "DeviceSerialNumber": "166010",
  "StationName": "AWP166010",
  "BodyPartExamined": "BRAIN",
  "PatientPosition": "HFS",
  "ProcedureStepDescription": "Baldassano_PredNav",
  "SoftwareVersions": "syngo_MR_E11",
  "MRAcquisitionType": "2D",
  "SeriesDescription": "gre_field_mapping_2mm",
  "ProtocolName": "gre_field_mapping_2mm",
  "ScanningSequence": "GR",
  "SequenceVariant": "SP",
  "SequenceName": "_fm2d2r",
  "ImageType": [
    "ORIGINAL",
    "PRIMARY",
    "P",
    "ND"
  ],
  "SeriesNumber": 17,
  "AcquisitionTime": "18:36:25.622500",
  "AcquisitionNumber": 1,
  "SliceThickness": 2,
  "SpacingBetweenSlices": 2,
  "SAR": 0.110808,
  "EchoNumber": 2,
  "EchoTime": 0.00738,
  "RepetitionTime": 0.679,
  "FlipAngle": 60,
  "PartialFourier": 1,
  "BaseResolution": 96,
  "ShimSetting": [
    2027,
    -953,
    3394,
    791,
    -151,
    -179,
    29,
    51
  ],
  "TxRefAmp": 209.226,
  "PhaseResolution": 1,
  "ReceiveCoilName": "HeadNeck_64",
  "ReceiveCoilActiveElements": "HC1-7;NC1,2",
  "PulseSequenceDetails": "%SiemensSeq%_gre_field_mapping",
  "ConsistencyInfo": "N4_VE11C_LATEST_20160120",
  "MultibandAccelerationFactor": 2,
  "PercentPhaseFOV": 100,
  "PhaseEncodingSteps": 96,
  "AcquisitionMatrixPE": 96,
  "ReconMatrixPE": 96,
  "PixelBandwidth": 600,
  "PhaseEncodingDirection": "i",
  "SliceTiming": [
    0,
    0.34375,
    0,
    0.35938,
    0.01562,
    0.35938,
    0.03125,
    0.375,
    0.03125,
    0.375,
    0.04688,
    0.39062,
    0.0625,
    0.40625,
    0.0625,
    0.40625,
    0.07812,
    0.42188,
    0.09375,
    0.4375,
    0.09375,
    0.4375,
    0.10938,
    0.45312,
    0.125,
    0.45312,
    0.125,
    0.46875,
    0.14062,
    0.48438,
    0.14062,
    0.48438,
    0.15625,
    0.5,
    0.17188,
    0.51562,
    0.17188,
    0.51562,
    0.1875,
    0.53125,
    0.1875,
    0.54688,
    0.20312,
    0.54688,
    0.21875,
    0.5625,
    0.21875,
    0.5625,
    0.23438,
    0.57812,
    0.25,
    0.59375,
    0.25,
    0.59375,
    0.26562,
    0.60938,
    0.28125,
    0.625,
    0.28125,
    0.625,
    0.29688,
    0.64062,
    0.29688,
    0.64062,
    0.3125,
    0.65625,
    0.32812,
    0.67188,
    0.32812
  ],
  "ImageOrientationPatientDICOM": [
    0.996141,
    0.0748724,
    -0.0457942,
    -0.0857497,
    0.94148,
    -0.32598
  ],
  "InPlanePhaseEncodingDirectionDICOM": "ROW",
  "ConversionSoftware": "dcm2niix",
  "ConversionSoftwareVersion": "v1.0.20190902",
  "EchoTime1": 0.00492,
  "EchoTime2": 0.00738,
  "IntendedFor": [
    "func/sub-07_task-int_run-01_bold.nii",
    "func/sub-07_task-int_run-02_bold.nii",
    "func/sub-07_task-int_run-03_bold.nii",
    "func/sub-07_task-int_run-04_bold.nii",
    "func/sub-07_task-loc_run-01_bold.nii",
    "func/sub-07_task-loc_run-02_bold.nii",
    "func/sub-07_task-loc_run-03_bold.nii",
    "func/sub-07_task-loc_run-04_bold.nii",
    "func/sub-07_task-pred_run-01_bold.nii",
    "func/sub-07_task-pred_run-02_bold.nii"
  ]
}
