{
  "Modality": "MR",
  "MagneticFieldStrength": 3,
  "ImagingFrequency": 123.19,
  "Manufacturer": "Siemens",
  "ManufacturersModelName": "Prisma",
  "InstitutionName": "MBBI",
  "InstitutionAddress": "West_130th_Street_610_NY_NYC_US_10025",
  "DeviceSerialNumber": "166010",
  "StationName": "AWP166010",
  "BodyPartExamined": "BRAIN",
  "PatientPosition": "HFS",
  "ProcedureStepDescription": "Baldassano_PredNav",
  "SoftwareVersions": "syngo_MR_E11",
  "MRAcquisitionType": "2D",
  "SeriesDescription": "gre_field_mapping_2mm",
  "ProtocolName": "gre_field_mapping_2mm",
  "ScanningSequence": "GR",
  "SequenceVariant": "SP",
  "SequenceName": "_fm2d2r",
  "ImageType": [
    "ORIGINAL",
    "PRIMARY",
    "P",
    "ND"
  ],
  "SeriesNumber": 17,
  "AcquisitionTime": "11:32:33.167500",
  "AcquisitionNumber": 1,
  "SliceThickness": 2,
  "SpacingBetweenSlices": 2,
  "SAR": 0.108888,
  "EchoNumber": 2,
  "EchoTime": 0.00738,
  "RepetitionTime": 0.679,
  "FlipAngle": 60,
  "PartialFourier": 1,
  "BaseResolution": 96,
  "ShimSetting": [
    2025,
    -821,
    3281,
    368,
    -140,
    -3,
    -48,
    40
  ],
  "TxRefAmp": 236.431,
  "PhaseResolution": 1,
  "ReceiveCoilName": "HeadNeck_64",
  "ReceiveCoilActiveElements": "HC1-7",
  "PulseSequenceDetails": "%SiemensSeq%_gre_field_mapping",
  "ConsistencyInfo": "N4_VE11C_LATEST_20160120",
  "PercentPhaseFOV": 100,
  "PhaseEncodingSteps": 96,
  "AcquisitionMatrixPE": 96,
  "ReconMatrixPE": 96,
  "PixelBandwidth": 600,
  "PhaseEncodingDirection": "i-",
  "SliceTiming": [
    0,
    0.35156,
    0.01562,
    0.35938,
    0.02344,
    0.36719,
    0.03125,
    0.375,
    0.04688,
    0.39062,
    0.05469,
    0.39844,
    0.0625,
    0.40625,
    0.07031,
    0.41406,
    0.08594,
    0.42969,
    0.09375,
    0.4375,
    0.10156,
    0.44531,
    0.10938,
    0.45312,
    0.11719,
    0.46875,
    0.13281,
    0.47656,
    0.14062,
    0.48438,
    0.14844,
    0.49219,
    0.16406,
    0.50781,
    0.17188,
    0.51562,
    0.17969,
    0.52344,
    0.1875,
    0.53906,
    0.20312,
    0.54688,
    0.21094,
    0.55469,
    0.21875,
    0.5625,
    0.23438,
    0.57031,
    0.24219,
    0.58594,
    0.25,
    0.59375,
    0.25781,
    0.60156,
    0.26562,
    0.61719,
    0.28125,
    0.625,
    0.28906,
    0.63281,
    0.29688,
    0.64062,
    0.30469,
    0.65625,
    0.32031,
    0.66406,
    0.32812,
    0.67188,
    0.33594
  ],
  "ImageOrientationPatientDICOM": [
    0.997212,
    -0.0489239,
    0.0563387,
    0.0679831,
    0.906934,
    -0.415751
  ],
  "InPlanePhaseEncodingDirectionDICOM": "ROW",
  "ConversionSoftware": "dcm2niix",
  "ConversionSoftwareVersion": "v1.0.20190902",
  "EchoTime1": 0.00492,
  "EchoTime2": 0.00738,
  "IntendedFor": [
    "func/sub-02_task-int_run-01_bold.nii",
    "func/sub-02_task-int_run-02_bold.nii",
    "func/sub-02_task-int_run-03_bold.nii",
    "func/sub-02_task-int_run-04_bold.nii",
    "func/sub-02_task-loc_run-01_bold.nii",
    "func/sub-02_task-loc_run-02_bold.nii",
    "func/sub-02_task-loc_run-03_bold.nii",
    "func/sub-02_task-loc_run-04_bold.nii",
    "func/sub-02_task-pred_run-01_bold.nii",
    "func/sub-02_task-pred_run-02_bold.nii"
  ]
}
