{
	"Modality": "MR",
	"MagneticFieldStrength": 3,
	"ImagingFrequency": 123.19,
	"Manufacturer": "Siemens",
	"ManufacturersModelName": "Prisma",
	"InstitutionName": "Mind_Brain_Behaviour_Institute",
	"InstitutionAddress": "West_130th_Street_610_NY_NYC_US_10025",
	"DeviceSerialNumber": "166010",
	"StationName": "AWP166010",
	"BodyPartExamined": "BRAIN",
	"PatientPosition": "HFS",
	"ProcedureStepDescription": "Baldassano_PredNav",
	"SoftwareVersions": "syngo_MR_E11",
	"MRAcquisitionType": "2D",
	"SeriesDescription": "func_task-int_run-03_bold",
	"ProtocolName": "func_task-int_run-03_bold",
	"ScanningSequence": "EP",
	"SequenceVariant": "SK_OSP",
	"ScanOptions": "FS",
	"SequenceName": "_epfid2d1_96",
	"ImageType": ["ORIGINAL", "PRIMARY", "M", "ND", "NORM", "MOSAIC"],
	"SeriesNumber": 10,
	"AcquisitionTime": "14:57:21.170000",
	"AcquisitionNumber": 1,
	"SliceThickness": 2,
	"SpacingBetweenSlices": 2,
	"SAR": 0.0657019,
	"EchoTime": 0.03,
	"RepetitionTime": 1.5,
	"FlipAngle": 65,
	"PartialFourier": 1,
	"BaseResolution": 96,
	"ShimSetting": [
		2032,
		-894,
		3290,
		548,
		-71,
		-111,
		40,
		144	],
	"TxRefAmp": 244.332,
	"PhaseResolution": 1,
	"PhaseOversampling": 0.1,
	"ReceiveCoilName": "HeadNeck_64",
	"ReceiveCoilActiveElements": "HC1-7;NC1",
	"PulseSequenceDetails": "%SiemensSeq%_ep2d_bold",
	"RefLinesPE": 24,
	"ConsistencyInfo": "N4_VE11C_LATEST_20160120",
	"MultibandAccelerationFactor": 3,
	"PercentPhaseFOV": 100,
	"EchoTrainLength": 53,
	"PhaseEncodingSteps": 106,
	"AcquisitionMatrixPE": 96,
	"ReconMatrixPE": 96,
	"BandwidthPerPixelPhaseEncode": 33.102,
	"ParallelReductionFactorInPlane": 2,
	"EffectiveEchoSpacing": 0.000314684,
	"DerivedVendorReportedEchoSpacing": 0.000572153,
	"TotalReadoutTime": 0.029895,
	"PixelBandwidth": 2170,
	"PhaseEncodingDirection": "j",
	"SliceTiming": [
		0,
		0.77,
		0.0625,
		0.835,
		0.1275,
		0.9,
		0.1925,
		0.965,
		0.255,
		1.0275,
		0.32,
		1.0925,
		0.385,
		1.1575,
		0.45,
		1.2225,
		0.5125,
		1.285,
		0.5775,
		1.35,
		0.6425,
		1.415,
		0.7075,
		0,
		0.77,
		0.0625,
		0.835,
		0.1275,
		0.9,
		0.1925,
		0.965,
		0.255,
		1.0275,
		0.32,
		1.0925,
		0.385,
		1.1575,
		0.45,
		1.2225,
		0.5125,
		1.285,
		0.5775,
		1.35,
		0.6425,
		1.415,
		0.7075,
		0,
		0.77,
		0.0625,
		0.835,
		0.1275,
		0.9,
		0.1925,
		0.965,
		0.255,
		1.0275,
		0.32,
		1.0925,
		0.385,
		1.1575,
		0.45,
		1.2225,
		0.5125,
		1.285,
		0.5775,
		1.35,
		0.6425,
		1.415,
		0.7075	],
	"ImageOrientationPatientDICOM": [
		0.998138,
		0.0414456,
		-0.0447548,
		-0.054232,
		0.938827,
		-0.340093	],
	"InPlanePhaseEncodingDirectionDICOM": "COL",
	"ConversionSoftware": "dcm2niix",
	"ConversionSoftwareVersion": "v1.0.20190902"
}
