{
	"Modality": "MR",
	"MagneticFieldStrength": 3,
	"ImagingFrequency": 123.19,
	"Manufacturer": "Siemens",
	"ManufacturersModelName": "Prisma",
	"InstitutionName": "MBBI",
	"InstitutionAddress": "West_130th_Street_610_NY_NYC_US_10025",
	"DeviceSerialNumber": "166010",
	"StationName": "AWP166010",
	"BodyPartExamined": "BRAIN",
	"PatientPosition": "HFS",
	"ProcedureStepDescription": "Baldassano_PredNav",
	"SoftwareVersions": "syngo_MR_E11",
	"MRAcquisitionType": "2D",
	"SeriesDescription": "gre_field_mapping_2mm",
	"ProtocolName": "gre_field_mapping_2mm",
	"ScanningSequence": "GR",
	"SequenceVariant": "SP",
	"SequenceName": "_fm2d2r",
	"ImageType": ["ORIGINAL", "PRIMARY", "M", "ND"],
	"SeriesNumber": 16,
	"AcquisitionTime": "11:59:49.450000",
	"AcquisitionNumber": 1,
	"SliceThickness": 2,
	"SpacingBetweenSlices": 2,
	"SAR": 0.118994,
	"EchoNumber": 2,
	"EchoTime": 0.00738,
	"RepetitionTime": 0.679,
	"FlipAngle": 60,
	"PartialFourier": 1,
	"BaseResolution": 96,
	"ShimSetting": [
		2015,
		-867,
		3277,
		393,
		-159,
		51,
		-13,
		123	],
	"TxRefAmp": 239.989,
	"PhaseResolution": 1,
	"ReceiveCoilName": "HeadNeck_64",
	"ReceiveCoilActiveElements": "HC1-7;NC1",
	"PulseSequenceDetails": "%SiemensSeq%_gre_field_mapping",
	"ConsistencyInfo": "N4_VE11C_LATEST_20160120",
	"PercentPhaseFOV": 100,
	"PhaseEncodingSteps": 96,
	"AcquisitionMatrixPE": 96,
	"ReconMatrixPE": 96,
	"PixelBandwidth": 600,
	"PhaseEncodingDirection": "i-",
	"SliceTiming": [
		0,
		0.34375,
		0.00781,
		0.35156,
		0.01562,
		0.35938,
		0.02344,
		0.375,
		0.03906,
		0.38281,
		0.04688,
		0.39062,
		0.05469,
		0.39844,
		0.07031,
		0.40625,
		0.07812,
		0.42188,
		0.08594,
		0.42969,
		0.09375,
		0.4375,
		0.10156,
		0.45312,
		0.11719,
		0.46094,
		0.125,
		0.46875,
		0.13281,
		0.47656,
		0.14062,
		0.49219,
		0.15625,
		0.5,
		0.16406,
		0.50781,
		0.17188,
		0.51562,
		0.1875,
		0.53125,
		0.19531,
		0.53906,
		0.20312,
		0.54688,
		0.21094,
		0.55469,
		0.22656,
		0.57031,
		0.23438,
		0.57812,
		0.24219,
		0.58594,
		0.25,
		0.59375,
		0.26562,
		0.60938,
		0.27344,
		0.61719,
		0.28125,
		0.625,
		0.28906,
		0.64062,
		0.30469,
		0.64844,
		0.3125,
		0.65625,
		0.32031,
		0.66406,
		0.32812	],
	"ImageOrientationPatientDICOM": [
		0.999748,
		-0.0204595,
		-0.00926656,
		0.0160544,
		0.939485,
		-0.342213	],
	"InPlanePhaseEncodingDirectionDICOM": "ROW",
	"ConversionSoftware": "dcm2niix",
	"ConversionSoftwareVersion": "v1.0.20190902"
}
