{
	"Modality": "MR",
	"MagneticFieldStrength": 3,
	"ImagingFrequency": 123.191,
	"Manufacturer": "Siemens",
	"ManufacturersModelName": "Prisma",
	"InstitutionName": "Mind_Brain_Behaviour_Institute",
	"InstitutionAddress": "West_130th_Street_610_NY_NYC_US_10025",
	"DeviceSerialNumber": "166010",
	"StationName": "AWP166010",
	"BodyPartExamined": "BRAIN",
	"PatientPosition": "HFS",
	"ProcedureStepDescription": "Baldassano_PredNav",
	"SoftwareVersions": "syngo_MR_E11",
	"MRAcquisitionType": "3D",
	"SeriesDescription": "anat_T1w",
	"ProtocolName": "anat_T1w",
	"ScanningSequence": "GR_IR",
	"SequenceVariant": "SK_SP_MP",
	"ScanOptions": "IR",
	"SequenceName": "_tfl3d1_16ns",
	"ImageType": ["ORIGINAL", "PRIMARY", "M", "ND", "NORM"],
	"SeriesNumber": 5,
	"AcquisitionTime": "12:23:58.510000",
	"AcquisitionNumber": 1,
	"ImageComments": "Image_quality:_high",
	"SliceThickness": 1,
	"SAR": 0.0463257,
	"EchoTime": 0.00298,
	"RepetitionTime": 2.3,
	"InversionTime": 0.9,
	"FlipAngle": 9,
	"PartialFourier": 1,
	"BaseResolution": 256,
	"ShimSetting": [
		2017,
		-955,
		3180,
		237,
		-138,
		-489,
		56,
		110	],
	"TxRefAmp": 206.826,
	"PhaseResolution": 1,
	"ReceiveCoilName": "HeadNeck_64",
	"ReceiveCoilActiveElements": "HC1-7;NC1",
	"PulseSequenceDetails": "%SiemensSeq%_tfl",
	"RefLinesPE": 24,
	"ConsistencyInfo": "N4_VE11C_LATEST_20160120",
	"PercentPhaseFOV": 96.875,
	"PhaseEncodingSteps": 247,
	"AcquisitionMatrixPE": 248,
	"ReconMatrixPE": 248,
	"ParallelReductionFactorInPlane": 2,
	"PixelBandwidth": 240,
	"ImageOrientationPatientDICOM": [
		-0.0819185,
		0.987896,
		0.131722,
		-0.0264515,
		0.129964,
		-0.991166	],
	"InPlanePhaseEncodingDirectionDICOM": "ROW",
	"ConversionSoftware": "dcm2niix",
	"ConversionSoftwareVersion": "v1.0.20190902"
}
