{
	"Modality": "MR",
	"MagneticFieldStrength": 3,
	"ImagingFrequency": 123.19,
	"Manufacturer": "Siemens",
	"ManufacturersModelName": "Prisma",
	"InstitutionName": "MBBI",
	"InstitutionAddress": "West_130th_Street_610_NY_NYC_US_10025",
	"DeviceSerialNumber": "166010",
	"StationName": "AWP166010",
	"BodyPartExamined": "BRAIN",
	"PatientPosition": "HFS",
	"ProcedureStepDescription": "Baldassano_PredNav",
	"SoftwareVersions": "syngo_MR_E11",
	"MRAcquisitionType": "2D",
	"SeriesDescription": "func_task-pred_run-01_bold",
	"ProtocolName": "func_task-pred_run-01_bold",
	"ScanningSequence": "EP",
	"SequenceVariant": "SK_OSP",
	"ScanOptions": "FS",
	"SequenceName": "_epfid2d1_96",
	"ImageType": ["ORIGINAL", "PRIMARY", "M", "ND", "NORM", "MOSAIC"],
	"SeriesNumber": 7,
	"AcquisitionTime": "15:37:58.222500",
	"AcquisitionNumber": 1,
	"SliceThickness": 2,
	"SpacingBetweenSlices": 2,
	"SAR": 0.0531606,
	"EchoTime": 0.03,
	"RepetitionTime": 1.5,
	"FlipAngle": 65,
	"PartialFourier": 1,
	"BaseResolution": 96,
	"ShimSetting": [
		2027,
		-852,
		3296,
		469,
		-129,
		48,
		-8,
		158	],
	"TxRefAmp": 213.142,
	"PhaseResolution": 1,
	"PhaseOversampling": 0.1,
	"ReceiveCoilName": "HeadNeck_64",
	"ReceiveCoilActiveElements": "HC1-7;NC1",
	"PulseSequenceDetails": "%SiemensSeq%_ep2d_bold",
	"RefLinesPE": 24,
	"ConsistencyInfo": "N4_VE11C_LATEST_20160120",
	"MultibandAccelerationFactor": 3,
	"PercentPhaseFOV": 100,
	"EchoTrainLength": 53,
	"PhaseEncodingSteps": 106,
	"AcquisitionMatrixPE": 96,
	"ReconMatrixPE": 96,
	"BandwidthPerPixelPhaseEncode": 33.102,
	"ParallelReductionFactorInPlane": 2,
	"EffectiveEchoSpacing": 0.000314684,
	"DerivedVendorReportedEchoSpacing": 0.000572153,
	"TotalReadoutTime": 0.029895,
	"PixelBandwidth": 2170,
	"PhaseEncodingDirection": "j",
	"SliceTiming": [
		0,
		0.7725,
		0.065,
		0.835,
		0.1275,
		0.9,
		0.1925,
		0.965,
		0.2575,
		1.03,
		0.3225,
		1.0925,
		0.385,
		1.1575,
		0.45,
		1.2225,
		0.515,
		1.2875,
		0.58,
		1.35,
		0.6425,
		1.415,
		0.7075,
		0,
		0.7725,
		0.065,
		0.835,
		0.1275,
		0.9,
		0.1925,
		0.965,
		0.2575,
		1.03,
		0.3225,
		1.0925,
		0.385,
		1.1575,
		0.45,
		1.2225,
		0.515,
		1.2875,
		0.58,
		1.35,
		0.6425,
		1.415,
		0.7075,
		0,
		0.7725,
		0.065,
		0.835,
		0.1275,
		0.9,
		0.1925,
		0.965,
		0.2575,
		1.03,
		0.3225,
		1.0925,
		0.385,
		1.1575,
		0.45,
		1.2225,
		0.515,
		1.2875,
		0.58,
		1.35,
		0.6425,
		1.415,
		0.7075	],
	"ImageOrientationPatientDICOM": [
		0.999775,
		-0.0208731,
		0.00388331,
		0.0209423,
		0.939462,
		-0.342014	],
	"InPlanePhaseEncodingDirectionDICOM": "COL",
	"ConversionSoftware": "dcm2niix",
	"ConversionSoftwareVersion": "v1.0.20190902"
}
